GEM
  remote: http://rubygems.org/
  specs:
    fssm (0.2.0)

PLATFORMS
  ruby

DEPENDENCIES
  fssm (= 0.2.0)
